GEM
  remote: https://rubygems.org/
  specs:
    rake (13.0.6)
    terminal-table (3.0.2)
      unicode-display_width (>= 1.1.1, < 3)
    unicode-display_width (2.3.0)

PLATFORMS
  arm64-darwin-21
  x86_64-linux

DEPENDENCIES
  rake
  terminal-table

BUNDLED WITH
   2.3.3
